GEM
  remote: https://rubygems.org/
  specs:
    faraday (0.8.7)
      multipart-post (~> 1.1)
    json (1.7.7)
    multipart-post (1.2.0)

PLATFORMS
  ruby

DEPENDENCIES
  faraday
  json
